GEM
  remote: https://rubygems.org/
  specs:
    bcrypt (3.1.11)
    concurrent-ruby (1.0.4)
    dotenv (2.2.0)
    dry-configurable (0.5.0)
      concurrent-ruby (~> 1.0)
    dry-container (0.6.0)
      concurrent-ruby (~> 1.0)
      dry-configurable (~> 0.1, >= 0.1.3)
    dry-core (0.2.4)
      concurrent-ruby (~> 1.0)
    dry-equalizer (0.2.0)
    dry-initializer (0.11.0)
    dry-logic (0.4.1)
      dry-container (~> 0.2, >= 0.2.6)
      dry-core (~> 0.2)
      dry-equalizer (~> 0.2)
    dry-struct (0.1.1)
      dry-configurable (~> 0.1)
      dry-equalizer (~> 0.2)
      dry-types (~> 0.9, >= 0.9.0)
      ice_nine (~> 0.11)
    dry-types (0.9.4)
      concurrent-ruby (~> 1.0)
      dry-configurable (~> 0.1)
      dry-container (~> 0.3)
      dry-core (~> 0.2, >= 0.2.1)
      dry-equalizer (~> 0.2)
      dry-logic (~> 0.4, >= 0.4.0)
      inflecto (~> 0.0.0, >= 0.0.2)
    dry-validation (0.10.5)
      concurrent-ruby (~> 1.0)
      dry-configurable (~> 0.1, >= 0.1.3)
      dry-core (~> 0.2, >= 0.2.1)
      dry-equalizer (~> 0.2)
      dry-logic (~> 0.4, >= 0.4.0)
      dry-types (~> 0.9, >= 0.9.0)
    hanami (1.0.0.beta1)
      bundler (~> 1.13)
      concurrent-ruby (~> 1.0)
      hanami-assets (~> 1.0.0.beta1)
      hanami-controller (~> 1.0.0.beta1)
      hanami-helpers (~> 1.0.0.beta1)
      hanami-mailer (~> 1.0.0.beta1)
      hanami-router (~> 1.0.0.beta1)
      hanami-utils (~> 1.0.0.beta1)
      hanami-validations (~> 1.0.0.beta1)
      hanami-view (~> 1.0.0.beta1)
      thor (~> 0.19)
    hanami-assets (1.0.0.beta1)
      hanami-helpers (~> 1.0.0.beta1)
      hanami-utils (~> 1.0.0.beta1)
      tilt (~> 2.0, >= 2.0.2)
    hanami-controller (1.0.0.beta1)
      hanami-utils (~> 1.0.0.beta1)
      rack (~> 2.0)
    hanami-helpers (1.0.0.beta1)
      hanami-utils (~> 1.0.0.beta1)
    hanami-mailer (1.0.0.beta1)
      hanami-utils (~> 1.0.0.beta1)
      mail (~> 2.5)
      tilt (~> 2.0, >= 2.0.1)
    hanami-model (1.0.0.beta1)
      concurrent-ruby (~> 1.0)
      dry-types (~> 0.9)
      hanami-utils (~> 1.0.0.beta)
      rom-repository (~> 1.0)
      rom-sql (~> 1.0)
    hanami-router (1.0.0.beta1)
      hanami-utils (~> 1.0.0.beta1)
      http_router (= 0.11.2)
      rack (~> 2.0)
    hanami-utils (1.0.0.beta1)
    hanami-validations (1.0.0.beta1)
      dry-validation (~> 0.10)
      hanami-utils (~> 1.0.0.beta1)
    hanami-view (1.0.0.beta1)
      hanami-utils (~> 1.0.0.beta1)
      tilt (~> 2.0, >= 2.0.1)
    http_router (0.11.2)
      rack (>= 1.0.0)
      url_mount (~> 0.2.1)
    ice_nine (0.11.2)
    inflecto (0.0.2)
    jwt (1.5.6)
    mail (2.6.4)
      mime-types (>= 1.16, < 4)
    mime-types (3.1)
      mime-types-data (~> 3.2015)
    mime-types-data (3.2016.0521)
    minitest (5.10.1)
    pg (0.19.0)
    rack (2.0.1)
    rack-test (0.6.3)
      rack (>= 1.0)
    rake (12.0.0)
    rom (3.0.1)
      concurrent-ruby (~> 1.0)
      dry-core (~> 0.2, >= 0.2.3)
      dry-equalizer (~> 0.2)
      dry-initializer (~> 0.10, >= 0.10.2)
      dry-types (~> 0.9, >= 0.9.4)
      rom-mapper (~> 0.5)
    rom-mapper (0.5.0)
      dry-core (~> 0.2.3)
      dry-equalizer (~> 0.2)
      transproc (~> 1.0)
    rom-repository (1.0.2)
      dry-core (~> 0.2, >= 0.2.1)
      dry-struct (~> 0.1)
      rom (~> 3.0)
      rom-mapper (~> 0.5)
    rom-sql (1.0.1)
      dry-core (~> 0.2, >= 0.2.3)
      dry-equalizer (~> 0.2)
      dry-types (~> 0.9, >= 0.9.4)
      rom (~> 3.0)
      sequel (~> 4.43)
    sequel (4.43.0)
    shotgun (0.9.2)
      rack (>= 1.0)
    thor (0.19.4)
    tilt (2.0.6)
    transproc (1.0.0)
    url_mount (0.2.1)
      rack

PLATFORMS
  ruby

DEPENDENCIES
  bcrypt
  dotenv (~> 2.0)
  hanami (= 1.0.0.beta1)
  hanami-model (~> 1.0.0.beta1)
  jwt
  minitest
  pg
  rack-test
  rake
  shotgun

BUNDLED WITH
   1.13.6
